PATH
  remote: .
  specs:
    opbeat (0.5.2)
      faraday (~> 0.8.0.rc2)
      hashie
      multi_json (~> 1.0)
      uuidtools

GEM
  remote: https://rubygems.org/
  specs:
    activesupport (4.1.1)
      i18n (~> 0.6, >= 0.6.9)
      json (~> 1.7, >= 1.7.7)
      minitest (~> 5.1)
      thread_safe (~> 0.1)
      tzinfo (~> 1.1)
    coderay (1.0.6)
    delayed_job (4.0.1)
      activesupport (>= 3.0, < 4.2)
    diff-lcs (1.1.3)
    faraday (0.8.9)
      multipart-post (~> 1.2.0)
    hashie (2.1.1)
    i18n (0.6.9)
    json (1.8.1)
    method_source (0.7.1)
    minitest (5.3.4)
    multi_json (1.2.0)
    multipart-post (1.2.0)
    pry (0.9.8.4)
      coderay (~> 1.0.5)
      method_source (~> 0.7.1)
      slop (>= 2.4.4, < 3)
    rake (0.9.2.2)
    rspec (2.9.0)
      rspec-core (~> 2.9.0)
      rspec-expectations (~> 2.9.0)
      rspec-mocks (~> 2.9.0)
    rspec-core (2.9.0)
    rspec-expectations (2.9.1)
      diff-lcs (~> 1.1.3)
    rspec-mocks (2.9.0)
    simplecov (0.6.1)
      multi_json (~> 1.0)
      simplecov-html (~> 0.5.3)
    simplecov-html (0.5.3)
    slop (2.4.4)
    thread_safe (0.3.3)
    tzinfo (1.1.0)
      thread_safe (~> 0.1)
    uuidtools (2.1.4)

PLATFORMS
  ruby

DEPENDENCIES
  delayed_job
  opbeat!
  pry
  rake
  rspec
  simplecov
